GEM
  remote: https://rubygems.org/
  specs:
    bosh-template (2.3.0)
      semi_semantic (~> 1.2.0)
    diff-lcs (1.6.2)
    rspec (3.13.1)
      rspec-core (~> 3.13.0)
      rspec-expectations (~> 3.13.0)
      rspec-mocks (~> 3.13.0)
    rspec-core (3.13.5)
      rspec-support (~> 3.13.0)
    rspec-expectations (3.13.5)
      diff-lcs (>= 1.2.0, < 2.0)
      rspec-support (~> 3.13.0)
    rspec-json_expectations (2.2.0)
    rspec-mocks (3.13.5)
      diff-lcs (>= 1.2.0, < 2.0)
      rspec-support (~> 3.13.0)
    rspec-support (3.13.5)
    semi_semantic (1.2.0)

PLATFORMS
  ruby

DEPENDENCIES
  bosh-template
  rspec
  rspec-json_expectations
